FRAMEWORK: >= NET45
NUGET
  remote: http://www.nuget.org/api/v2
    Gu.Reactive (3.3)
      System.Reactive.PlatformServices (>= 3.1.1)
    Gu.State (0.2.0.3)
    Gu.Wpf.NumericInput (0.5.1.4)
    Gu.Wpf.Reactive (3.3)
      Gu.Reactive (>= 3.3)
      Gu.Wpf.ToolTips
      System.Reactive
    Gu.Wpf.ToolTips (0.2.0.1)
    JetBrains.Annotations (10.4)
    Newtonsoft.Json (10.0.2)
    System.Reactive (3.1.1)
      System.Reactive.PlatformServices (>= 3.1.1)
      System.Reactive.Windows.Threading (>= 3.1.1)
    System.Reactive.Core (3.1.1)
      System.Reactive.Interfaces (>= 3.1.1)
    System.Reactive.Interfaces (3.1.1)
    System.Reactive.Linq (3.1.1)
      System.Reactive.Core (>= 3.1.1)
    System.Reactive.PlatformServices (3.1.1)
      System.Reactive.Linq (>= 3.1.1)
    System.Reactive.Windows.Threading (3.1.1)
      System.Reactive.Core (>= 3.1.1)
    T4.TemplateFileManager (2.2.1)

GROUP Benchmarks
FRAMEWORK: NET45
NUGET
  remote: http://www.nuget.org/api/v2
    BenchmarkDotNet (0.10.3)
      BenchmarkDotNet.Core (>= 0.10.3)
      BenchmarkDotNet.Toolchains.Roslyn (>= 0.10.3)
    BenchmarkDotNet.Core (0.10.3)
      System.Threading.Tasks.Extensions (>= 4.3)
    BenchmarkDotNet.Diagnostics.Windows (0.10.3)
      BenchmarkDotNet (>= 0.10.3)
      Microsoft.Diagnostics.Tracing.TraceEvent (>= 1.0.41)
    BenchmarkDotNet.Toolchains.Roslyn (0.10.3)
      BenchmarkDotNet.Core (>= 0.10.3)
      Microsoft.CodeAnalysis.CSharp (>= 1.3.2)
      System.Threading.Tasks (>= 4.0.11)
    Microsoft.CodeAnalysis.Analyzers (1.1)
    Microsoft.CodeAnalysis.Common (1.3.2)
      Microsoft.CodeAnalysis.Analyzers (>= 1.1)
      System.Collections.Immutable (>= 1.1.37)
      System.Reflection.Metadata (>= 1.2)
    Microsoft.CodeAnalysis.CSharp (1.3.2)
      Microsoft.CodeAnalysis.Common (1.3.2)
    Microsoft.Diagnostics.Tracing.TraceEvent (1.0.41)
    System.Collections.Immutable (1.3.1)
    System.Reflection.Metadata (1.4.2)
      System.Collections.Immutable (>= 1.3.1)
    System.Threading.Tasks (4.3)
    System.Threading.Tasks.Extensions (4.3)

GROUP Roslyn
FRAMEWORK: NET452
NUGET
  remote: http://www.nuget.org/api/v2
    Microsoft.CodeAnalysis.Analyzers (1.1)
    Microsoft.CodeAnalysis.Common (1.2.2)
      Microsoft.CodeAnalysis.Analyzers (>= 1.1)
      System.Collections.Immutable (>= 1.1.37)
      System.Reflection.Metadata (>= 1.2)
    Microsoft.CodeAnalysis.CSharp (1.2.2)
      Microsoft.CodeAnalysis.Common (1.2.2)
    Microsoft.CodeAnalysis.CSharp.Scripting (1.2.2)
      Microsoft.CodeAnalysis.CSharp (1.2.2)
      Microsoft.CodeAnalysis.Scripting.Common (1.2.2)
    Microsoft.CodeAnalysis.CSharp.Workspaces (1.2.2)
      Microsoft.CodeAnalysis.CSharp (1.2.2)
      Microsoft.CodeAnalysis.Workspaces.Common (1.2.2)
    Microsoft.CodeAnalysis.Scripting.Common (1.2.2)
      Microsoft.CodeAnalysis.Common (1.2.2)
      System.AppContext (>= 4.0)
      System.Collections (>= 4.0.10)
      System.Collections.Immutable (>= 1.1.37)
      System.Diagnostics.Debug (>= 4.0.10)
      System.Diagnostics.StackTrace (>= 4.0)
      System.Diagnostics.Tools (>= 4.0)
      System.Globalization (>= 4.0.10)
      System.IO (>= 4.0.10)
      System.IO.FileSystem (>= 4.0)
      System.Linq (>= 4.0)
      System.Linq.Expressions (>= 4.0.10)
      System.Reflection (>= 4.0.10)
      System.Reflection.Extensions (>= 4.0)
      System.Resources.ResourceManager (>= 4.0)
      System.Runtime (>= 4.0.20)
      System.Runtime.Extensions (>= 4.0.10)
      System.Runtime.InteropServices (>= 4.0.20)
      System.Threading (>= 4.0.10)
      System.Threading.Tasks (>= 4.0.10)
    Microsoft.CodeAnalysis.VisualBasic (1.2.2)
      Microsoft.CodeAnalysis.Common (>= 1.2.2)
    Microsoft.CodeAnalysis.VisualBasic.Workspaces (1.2.2)
      Microsoft.CodeAnalysis.VisualBasic (1.2.2)
      Microsoft.CodeAnalysis.Workspaces.Common (1.2.2)
    Microsoft.CodeAnalysis.Workspaces.Common (1.2.2)
      Microsoft.CodeAnalysis.Common (1.2.2)
      Microsoft.Composition (>= 1.0.27)
    Microsoft.Composition (1.0.30)
    System.AppContext (4.3)
    System.Collections (4.3)
    System.Collections.Immutable (1.1.37)
    System.Diagnostics.Debug (4.3)
    System.Diagnostics.StackTrace (4.3)
    System.Diagnostics.Tools (4.3)
    System.Globalization (4.3)
    System.IO (4.3)
    System.IO.FileSystem (4.3)
    System.Linq (4.3)
    System.Linq.Expressions (4.3)
    System.Reflection (4.3)
    System.Reflection.Extensions (4.3)
    System.Reflection.Metadata (1.2)
      System.Collections.Immutable (>= 1.1.37)
    System.Resources.ResourceManager (4.3)
    System.Runtime (4.3)
    System.Runtime.Extensions (4.3)
    System.Runtime.InteropServices (4.3)
    System.Threading (4.3)
    System.Threading.Tasks (4.3)

GROUP Test
FRAMEWORK: NET452
NUGET
  remote: http://www.nuget.org/api/v2
    Castle.Core (3.3.3)
    Moq (4.5.9)
      Castle.Core (>= 3.3.3)
    NUnit (2.6.4)
    TestStack.White (0.13.3)
      Castle.Core (>= 3.3)
